PATH
  remote: .
  specs:
    Finding_PI (0.0.1)

GEM
  remote: https://rubygems.org/
  specs:
    rake (10.1.0)

PLATFORMS
  ruby

DEPENDENCIES
  Finding_PI!
  bundler (~> 1.7)
  rake (~> 10.0)
